GEM
  remote: http://rubygems.org/
  specs:
    actionmailer (2.3.4)
      actionpack (= 2.3.4)
    actionpack (2.3.4)
      activesupport (= 2.3.4)
      rack (~> 1.0.0)
    activerecord (2.3.4)
      activesupport (= 2.3.4)
    activeresource (2.3.4)
      activesupport (= 2.3.4)
    activesupport (2.3.4)
    addressable (2.2.6)
    aws-s3 (0.6.2)
      builder
      mime-types
      xml-simple
    babosa (0.2.0)
    builder (3.0.0)
    capistrano (2.5.21)
      highline
      net-scp (>= 1.0.0)
      net-sftp (>= 2.0.0)
      net-ssh (>= 2.0.14)
      net-ssh-gateway (>= 1.0.0)
    color (1.4.1)
    columnize (0.3.3)
    crack (0.1.8)
    extensions (0.6.0)
    facebooker2 (0.0.11)
      mogli (>= 0.0.12)
      ruby-hmac
    faraday (0.4.6)
      addressable (>= 2.1.1)
      rack (>= 1.0.1)
    highline (1.6.2)
    hoe (2.9.4)
      rake (>= 0.8.7)
    hpricot (0.6.164)
    httparty (0.7.8)
      crack (= 0.1.8)
    json (1.4.3)
    linecache (0.45)
    mash (0.1.1)
    mime-types (1.16)
    mogli (0.0.28)
      httparty (>= 0.4.3)
    money (1.7.1)
    mysql (2.8.1)
    net-scp (1.0.4)
      net-ssh (>= 1.99.1)
    net-sftp (2.0.5)
      net-ssh (>= 2.0.9)
    net-ssh (2.1.4)
    net-ssh-gateway (1.1.0)
      net-ssh (>= 1.99.1)
    oauth (0.4.4)
    pdf-writer (1.1.7)
      color (>= 1.4.0)
      transaction-simple (~> 1.3)
    rack (1.0.1)
    rails (2.3.4)
      actionmailer (= 2.3.4)
      actionpack (= 2.3.4)
      activerecord (= 2.3.4)
      activeresource (= 2.3.4)
      activesupport (= 2.3.4)
      rake (>= 0.8.3)
    rake (0.9.2)
    require_relative (1.0.1)
    right_aws (1.10.0)
      right_http_connection (>= 1.2.4)
    right_http_connection (1.2.4)
    rmagick (2.13.1)
    ruby-debug (0.10.4)
      columnize (>= 0.1)
      ruby-debug-base (~> 0.10.4.0)
    ruby-debug-base (0.10.4)
      linecache (>= 0.3)
    ruby-hmac (0.4.0)
    transaction-simple (1.4.0)
      hoe (>= 1.1.7)
    twitter (0.6.3)
      httparty (>= 0.4.2)
      mash
      oauth
    tzinfo (0.3.28)
    uuidtools (2.1.2)
    xml-simple (1.0.16)

PLATFORMS
  ruby

DEPENDENCIES
  aws-s3 (= 0.6.2)
  babosa (= 0.2.0)
  capistrano (= 2.5.21)
  color (~> 1.4.1)
  extensions
  facebooker2
  faraday
  hpricot (= 0.6.164)
  json (= 1.4.3)
  money (= 1.7.1)
  mysql (= 2.8.1)
  oauth
  pdf-writer (= 1.1.7)
  rails (= 2.3.4)
  require_relative
  right_aws (= 1.10.0)
  right_http_connection (= 1.2.4)
  rmagick
  ruby-debug
  twitter
  tzinfo (>= 0.3.17)
  uuidtools (>= 2.0.0)
